GEM
  remote: https://rubygems.org/
  specs:
    activesupport (4.2.5)
      i18n (~> 0.7)
      json (~> 1.7, >= 1.7.7)
      minitest (~> 5.1)
      thread_safe (~> 0.3, >= 0.3.4)
      tzinfo (~> 1.1)
    addressable (2.4.0)
    ast (2.3.0)
    colorator (0.1)
    colored (1.2)
    ethon (0.8.0)
      ffi (>= 1.3.0)
    ffi (1.9.10)
    html-proofer (2.6.1)
      activesupport (~> 4.2)
      addressable (~> 2.3)
      colored (~> 1.2)
      mercenary (~> 0.3.2)
      nokogiri (~> 1.5)
      parallel (~> 1.3)
      typhoeus (~> 0.7)
      yell (~> 2.0)
    i18n (0.7.0)
    jekyll (3.0.5)
      colorator (~> 0.1)
      jekyll-sass-converter (~> 1.0)
      jekyll-watch (~> 1.1)
      kramdown (~> 1.3)
      liquid (~> 3.0)
      mercenary (~> 0.3.3)
      rouge (~> 1.7)
      safe_yaml (~> 1.0)
    jekyll-sass-converter (1.4.0)
      sass (~> 3.4)
    jekyll-sitemap (0.11.0)
      addressable (~> 2.4.0)
    jekyll-watch (1.4.0)
      listen (~> 3.0, < 3.1)
    json (1.8.3)
    kramdown (1.10.0)
    liquid (3.0.6)
    listen (3.0.6)
      rb-fsevent (>= 0.9.3)
      rb-inotify (>= 0.9.7)
    mercenary (0.3.6)
    mini_portile2 (2.0.0)
    minitest (5.8.3)
    nokogiri (1.6.7.1)
      mini_portile2 (~> 2.0.0.rc2)
    parallel (1.6.1)
    parser (2.3.1.2)
      ast (~> 2.2)
    powerpack (0.1.1)
    rainbow (2.0.0)
    rb-fsevent (0.9.7)
    rb-inotify (0.9.7)
      ffi (>= 0.5.0)
    rouge (1.10.1)
    rubocop (0.42.0)
      parser (>= 2.3.1.1, < 3.0)
      powerpack (~> 0.1)
      rainbow (>= 1.99.1, < 3.0)
      ruby-progressbar (~> 1.7)
      unicode-display_width (~> 1.0, >= 1.0.1)
    ruby-progressbar (1.8.1)
    rubydoctest (1.1.5)
    safe_yaml (1.0.4)
    sass (3.4.22)
    scss_lint (0.42.2)
      rainbow (~> 2.0)
      sass (~> 3.4.15)
    thread_safe (0.3.5)
    typhoeus (0.8.0)
      ethon (>= 0.8.0)
    tzinfo (1.2.2)
      thread_safe (~> 0.1)
    unicode-display_width (1.1.0)
    yell (2.0.5)

PLATFORMS
  ruby

DEPENDENCIES
  html-proofer
  jekyll (= 3.0.5)
  jekyll-sitemap
  rubocop
  rubydoctest
  scss_lint

BUNDLED WITH
   1.13.3
